GEM
  remote: http://rubygems.org/
  specs:
    git (1.2.6)
    highline (1.6.21)

PLATFORMS
  ruby

DEPENDENCIES
  git (~> 1.2.6)
  highline (~> 1.6.21)
